GEM
  remote: https://rubygems.org/
  specs:
    rake (12.0.0)
    rouge (1.11.1)
    xcjobs (0.6.0)
    xcpretty (0.2.6)
      rouge (~> 1.8)

PLATFORMS
  ruby

DEPENDENCIES
  rake
  xcjobs
  xcpretty

BUNDLED WITH
   1.12.5
