GEM
  remote: https://rubygems.org/
  specs:
    rake (12.0.0)
    rouge (2.0.7)
    xcjobs (0.8.0)
    xcpretty (0.2.7)
      rouge (~> 2.0.7)

PLATFORMS
  ruby

DEPENDENCIES
  rake
  xcjobs
  xcpretty

BUNDLED WITH
   1.12.5
