GEM
  remote: https://rubygems.org/
  specs:
    rake (12.1.0)
    xcjobs (0.10.0)

PLATFORMS
  ruby

DEPENDENCIES
  rake
  xcjobs

BUNDLED WITH
   1.15.4
