GEM
  remote: https://rubygems.org/
  specs:
    rake (12.0.0)
    xcjobs (0.8.1)

PLATFORMS
  ruby

DEPENDENCIES
  rake
  xcjobs

BUNDLED WITH
   1.15.0
